GEM
  remote: https://rubygems.org/
  specs:
    paint (2.2.1)
    unicode-display_width (1.7.0)
    whirly (0.2.6)
      unicode-display_width (~> 1.1)

PLATFORMS
  ruby

DEPENDENCIES
  paint
  whirly

BUNDLED WITH
   2.0.2
